GIT
  remote: https://github.com/idagds/libcorppass.git
  revision: 1f290b3dcadd507878d1a044b96910c86ec80911
  specs:
    libcorppass (0.1.0)
      activesupport (~> 4.2)
      libsaml (~> 2.20, >= 2.20.4)
      warden (~> 1.2, >= 1.2.6)

GEM
  remote: https://rubygems.org/
  specs:
    activemodel (4.2.6)
      activesupport (= 4.2.6)
      builder (~> 3.1)
    activesupport (4.2.6)
      i18n (~> 0.7)
      json (~> 1.7, >= 1.7.7)
      minitest (~> 5.1)
      thread_safe (~> 0.3, >= 0.3.4)
      tzinfo (~> 1.1)
    ast (2.2.0)
    builder (3.2.2)
    curb (0.9.1)
    diff-lcs (1.2.5)
    i18n (0.7.0)
    json (1.8.3)
    libsaml (2.20.5)
      activemodel (>= 3.0.0)
      activesupport (>= 3.2.15)
      curb
      xmldsig (~> 0.4.0)
      xmlenc (~> 0.6.2)
      xmlmapper (~> 0.6.4)
    mini_portile2 (2.0.0)
    minitest (5.8.4)
    nokogiri (1.6.7.2)
      mini_portile2 (~> 2.0.0.rc2)
    parser (2.3.0.6)
      ast (~> 2.2)
    powerpack (0.1.1)
    rack (1.6.4)
    rack-protection (1.5.3)
      rack
    rack-test (0.6.3)
      rack (>= 1.0)
    rainbow (2.1.0)
    rspec (3.4.0)
      rspec-core (~> 3.4.0)
      rspec-expectations (~> 3.4.0)
      rspec-mocks (~> 3.4.0)
    rspec-core (3.4.4)
      rspec-support (~> 3.4.0)
    rspec-expectations (3.4.0)
      diff-lcs (>= 1.2.0, < 2.0)
      rspec-support (~> 3.4.0)
    rspec-mocks (3.4.1)
      diff-lcs (>= 1.2.0, < 2.0)
      rspec-support (~> 3.4.0)
    rspec-support (3.4.1)
    rubocop (0.38.0)
      parser (>= 2.3.0.6, < 3.0)
      powerpack (~> 0.1)
      rainbow (>= 1.99.1, < 3.0)
      ruby-progressbar (~> 1.7)
      unicode-display_width (~> 1.0, >= 1.0.1)
    ruby-progressbar (1.7.5)
    sinatra (1.4.7)
      rack (~> 1.5)
      rack-protection (~> 1.4)
      tilt (>= 1.3, < 3)
    thread_safe (0.3.5)
    tilt (2.0.2)
    timecop (0.8.0)
    tzinfo (1.2.2)
      thread_safe (~> 0.1)
    unicode-display_width (1.0.2)
    warden (1.2.6)
      rack (>= 1.0)
    xmldsig (0.4.0)
      nokogiri
    xmlenc (0.6.2)
      activemodel (>= 3.0.0)
      activesupport (>= 3.0.0)
      nokogiri (~> 1.6.0)
      xmlmapper (~> 0.6.0)
    xmlmapper (0.6.5)
      nokogiri (~> 1.5)

PLATFORMS
  ruby

DEPENDENCIES
  libcorppass!
  rack-test
  rspec
  rubocop
  sinatra
  timecop
  warden

BUNDLED WITH
   1.11.2
